GEM
  remote: https://rubygems.org/
  specs:
    asciidoctor (1.5.5)
    json (2.0.2)
    kramdown (1.12.0)
    liquid (3.0.6)
    multi_json (1.12.1)
    multi_markdown (0.2.0)
    puma (3.6.0)
    rack (1.6.5)
    rack-protection (1.5.3)
      rack
    sinatra (1.4.7)
      rack (~> 1.5)
      rack-protection (~> 1.4)
      tilt (>= 1.3, < 3)
    tilt (2.0.5)

PLATFORMS
  ruby

DEPENDENCIES
  asciidoctor
  json
  kramdown
  liquid
  multi_json
  multi_markdown
  puma
  sinatra
